GEM
  remote: https://rubygems.org/
  specs:
    csv (3.3.4)
    dotenv (3.1.8)
    faraday (2.13.0)
      faraday-net_http (>= 2.0, < 3.5)
      json
      logger
    faraday-net_http (3.4.0)
      net-http (>= 0.5.0)
    json (2.10.2)
    logger (1.7.0)
    net-http (0.6.0)
      uri
    uri (1.0.3)

PLATFORMS
  arm64-darwin-24
  ruby

DEPENDENCIES
  csv
  dotenv
  faraday

BUNDLED WITH
   2.6.5
